{
  "Modality": "MR",
  "MagneticFieldStrength": 3,
  "Manufacturer": "GE",
  "ManufacturersModelName": "DISCOVERY_MR750",
  "InstitutionName": "NIH_FMRIF",
  "DeviceSerialNumber": "00000301496MR3T4",
  "StationName": "fmri3Tc",
  "BodyPartExamined": "BRAIN",
  "PatientPosition": "HFS",
  "ProcedureStepDescription": "MRI_Brain",
  "SoftwareVersions": "27_LX_MR_Software_release:DV26.0_R03_1831.b",
  "MRAcquisitionType": "3D",
  "SeriesDescription": "Anat_T1w_MP-RAGE_1mm",
  "ProtocolName": "Anat_T1w_MP-RAGE_1mm",
  "ScanningSequence": "RM",
  "SequenceVariant": "NONE",
  "ScanOptions": "EDR_GEMS_FILTERED_GEMS_ACC_GEMS_IR_GEMS",
  "ImageType": [
    "ORIGINAL",
    "PRIMARY",
    "OTHER"
  ],
  "SeriesNumber": 8,
  "AcquisitionNumber": 1,
  "SliceThickness": 1,
  "SpacingBetweenSlices": 1,
  "SAR": 0.055381,
  "EchoTime": 0.003436,
  "RepetitionTime": 0.0077,
  "InversionTime": 0.9,
  "FlipAngle": 7,
  "PercentPhaseFOV": 100,
  "AcquisitionMatrixPE": 256,
  "ReconMatrixPE": 256,
  "PixelBandwidth": 195.312,
  "ImageOrientationPatientDICOM": [
    0,
    1,
    0,
    0,
    0,
    -1
  ],
  "InPlanePhaseEncodingDirectionDICOM": "ROW",
  "ConversionSoftware": "dcm2niix",
  "ConversionSoftwareVersion": "v1.0.20180622 GCC4.8.5",
  "AcquisitionDateTime": "1864-12-28T19:16:54",
  "ReceiveCoilName": "32Ch Head",
  "OperatorName": "OTTLEY ALDA",
  "real_protocol_name": "MAP_Merest_MID1+MID",
  "pdb_POSITION": "Supine",
  "pdb_ENTRY": "Head First",
  "pdb_CLINICALCOIL": "C-GE_32Ch Head",
  "pdb_COIL": "32Ch Head",
  "pdb_COILCOMPONENT": "32 Ch Head Coil",
  "pdb_PLANE": "SAGITTAL",
  "pdb_SEDESC": "Anat T1w MP-RAGE 1mm",
  "pdb_HOS": 0.0,
  "pdb_IMODE": "3D",
  "pdb_PSEQ": "SPGR",
  "pdb_IOPT": "EDR, Fast, ARC, IrP",
  "pdb_PLUG": 6.0,
  "pdb_FILTCHOICE": "None",
  "pdb_BWRT": -1.0,
  "pdb_TRICKSIMG": 1.0,
  "pdb_TAG_SPACE": 7.0,
  "pdb_TAG_TYPE": "None",
  "pdb_USERCV9": 24.0,
  "pdb_USERCV15": 0.0,
  "pdb_USERCV21": 0.0,
  "pdb_USERCV_MASK": 27297360.0,
  "pdb_USERCV_MASK2": 0.0,
  "pdb_NUMBVALUE": 1.0,
  "pdb_NUMSYNBVALUE": 1.0,
  "pdb_MULTISYNBVALUE": "1000.0;",
  "pdb_REOPT": 1.0,
  "pdb_FLIPANG": 7.0,
  "pdb_TE": "Min Full",
  "pdb_NECHO": 1.0,
  "pdb_TI": 900.0,
  "pdb_AUTOTRGTYPE": 0.0,
  "pdb_PSDTRIG": 0.0,
  "pdb_VIEWORDER": 1.0,
  "pdb_TRREST": 0.0,
  "pdb_TRACTIVE": 0.0,
  "pdb_SEPSERIES": 0.0,
  "pdb_AUTOTRIGWIN": 0.0,
  "pdb_FOV": 25.6,
  "pdb_SLTHICK": 1.0,
  "pdb_GRXOPT": 0.0,
  "pdb_SLOC1": "L89.3",
  "pdb_ELOC1": "R85.7",
  "pdb_ELOC2": "A29.7",
  "pdb_ELOC3": "S11.1",
  "pdb_NOSLC": 1.0,
  "pdb_SL3PLANE": 0.0,
  "pdb_SL3PLANE1": 0.0,
  "pdb_SL3PLANE2": 0.0,
  "pdb_SL3PLANE3": 0.0,
  "pdb_SPCPERPLANE1": 0.0,
  "pdb_SPCPERPLANE2": 0.0,
  "pdb_SPCPERPLANE3": 0.0,
  "pdb_MATRIXX": 256.0,
  "pdb_MATRIXY": 256.0,
  "pdb_SWAPPF": "S/I",
  "pdb_NEX": 1.0,
  "pdb_CONTRAST": "No",
  "pdb_TBLDELTA": 0.0,
  "pdb_RBW": 25.0,
  "pdb_AUTOSHIM": "Auto",
  "pdb_PHASECORR": "No",
  "pdb_PAUSEDELMASKACQ": 1.0,
  "pdb_GRIP_SLGROUP1": "-1.757850 29.703300 11.108251 1.000000 0.000000 0.000000 0.000000 1.000000 0.000000 0.000000 0.000000 1.000000 1 0.000000 1 0.000000 0",
  "pdb_GRIP_NUMSLGROUPS": 1.0,
  "pdb_GRIP_TRACKER": 0.0,
  "pdb_GRIP_SPECTRO": 0.0,
  "pdb_GRIP_NUMPSCVOL": 0.0,
  "pdb_GRIP_PSCVOL1": 0.0,
  "pdb_GRIP_PSCVOL2": 0.0,
  "pdb_GRIP_PSCVOLFOV": 0.0,
  "pdb_GRIP_PSCVOLTHICK": 0.0,
  "pdb_GRIP_PSCVOLSLAB": 0.0,
  "pdb_GRIP_IRBAND_A": 0.0,
  "pdb_GRIP_IRBAND_B": 0.0,
  "pdb_AUTOSUBOPTIONS": 0.0,
  "pdb_AUTOSCIC": 2.0,
  "pdb_AUTOVOICE": 0.0,
  "pdb_PRESETDELAY": 0.0,
  "pdb_MASKPHASE": 0.0,
  "pdb_MASKPAUSE": 0.0,
  "pdb_GRXLOCSAVE": 0.0,
  "pdb_AUTOCOIL": 0.0,
  "pdb_ONETOUCHREG": 0.0,
  "pdb_MPHPRESERVEMODE": 0.0,
  "pdb_TEMPORALPHASES": 4.0,
  "pdb_MEGFREQ": 60.0,
  "pdb_DRIVERAMP": 50.0,
  "pdb_MEGDIR": 4.0,
  "pdb_DRIVERFREQ": 60.0,
  "pdb_RFDRIVEMODE": "Single",
  "pdb_EXCITATIONMODE": "Non-Selective",
  "pdb_ANATOMY": "SRT%5CNone%5CT-A0100",
  "pdb_PSCSHIMTG": 0.0,
  "pdb_SAVEORIGINAL": 1.0,
  "pdb_PSDNAME": "mprage",
  "pdb_USERCV10": 24.0,
  "pdb_USERCV23": 100.0,
  "pdb_PHASEFOV": 1.0,
  "pdb_PHASEACCEL": 2.0,
  "pdb_USERCV4": 0.0,
  "pdb_USERCV6": 0.0,
  "pdb_USERCV24": 2530.0,
  "pdb_SLABLOC": 176.0,
  "pdb_OVLPLOC": 0.0,
  "pdb_FOVCNT1": "A29.7",
  "pdb_FOVCNT2": "S11.1",
  "pdb_INITTRIGDELNOAV": 0.0,
  "pdb_SLICEACCEL": 1.0,
  "CleanOperatorName": "ALDA OTTLEY"
}