{
  "Modality": "MR",
  "MagneticFieldStrength": 3,
  "Manufacturer": "GE",
  "ManufacturersModelName": "DISCOVERY_MR750",
  "InstitutionName": "NIH_FMRIF",
  "DeviceSerialNumber": "00000000000o2o2o",
  "StationName": "fmrif3tc",
  "PatientPosition": "HFS",
  "ProcedureStepDescription": "MRI_Brain",
  "SoftwareVersions": "23_LX_MR_Software_release:DV22.0_V02_1122.a",
  "MRAcquisitionType": "3D",
  "SeriesDescription": "Sagittal_Anat_MP-Rage_1_mm",
  "ProtocolName": "Sagittal_Anat_MP-Rage_1_mm",
  "ScanningSequence": "RM",
  "SequenceVariant": "NONE",
  "ScanOptions": "FILTERED_GEMS_ACC_GEMS",
  "ImageType": [
    "ORIGINAL",
    "PRIMARY",
    "OTHER"
  ],
  "SeriesNumber": 6,
  "AcquisitionNumber": 1,
  "SliceThickness": 1,
  "SpacingBetweenSlices": 1,
  "SAR": 0.17471,
  "EchoTime": 0.00342,
  "RepetitionTime": 0.007664,
  "InversionTime": 0.425,
  "FlipAngle": 7,
  "PercentPhaseFOV": 100,
  "AcquisitionMatrixPE": 256,
  "ReconMatrixPE": 256,
  "PixelBandwidth": 195.312,
  "ImageOrientationPatientDICOM": [
    0,
    1,
    0,
    0,
    0,
    -1
  ],
  "InPlanePhaseEncodingDirectionDICOM": "ROW",
  "ConversionSoftware": "dcm2niix",
  "ConversionSoftwareVersion": "v1.0.20180622 GCC4.8.5",
  "AcquisitionDateTime": "1871-11-02T16:40:42",
  "ReceiveCoilName": "32Ch Head",
  "OperatorName": "OTTLEY",
  "real_protocol_name": "MAP_Merest_MID1+MID",
  "pdb_POSITION": "Supine",
  "pdb_ENTRY": "Head First",
  "pdb_COIL": "32Ch Head",
  "pdb_PLANE": "SAGITTAL",
  "pdb_SEDESC": "Sagittal Anat MP-Rage 1 mm",
  "pdb_IMODE": "3D",
  "pdb_PSEQ": "SPGR",
  "pdb_IOPT": "Fast, IrP, Asset",
  "pdb_PLUG": 6.0,
  "pdb_FILTCHOICE": "None",
  "pdb_BWRT": -1.0,
  "pdb_TRICKSIMG": 1.0,
  "pdb_TAG_SPACE": 7.0,
  "pdb_TAG_TYPE": "None",
  "pdb_USERCV5": 1.0,
  "pdb_USERCV_MASK": 8388848.0,
  "pdb_NUMBVALUE": 1.0,
  "pdb_REOPT": 1.0,
  "pdb_FLIPANG": 7.0,
  "pdb_TE": "Min Full",
  "pdb_NECHO": 1.0,
  "pdb_TI": 425.0,
  "pdb_BPMMODE": 0.0,
  "pdb_AUTOTRGTYPE": 0.0,
  "pdb_PSDTRIG": 0.0,
  "pdb_SLICEORDER": 1.0,
  "pdb_VIEWORDER": 1.0,
  "pdb_TRREST": 0.0,
  "pdb_TRACTIVE": 0.0,
  "pdb_SEPSERIES": 0.0,
  "pdb_AUTOTRIGWIN": 0.0,
  "pdb_FOV": 25.6,
  "pdb_SLTHICK": 1.0,
  "pdb_GRXOPT": 0.0,
  "pdb_SLOC1": "L89.3",
  "pdb_SLOC2": "A31.6",
  "pdb_SLOC3": "I17.6",
  "pdb_ELOC1": "R85.7",
  "pdb_ELOC2": "A31.6",
  "pdb_ELOC3": "I17.6",
  "pdb_NOSLC": 1.0,
  "pdb_SL3PLANE": 0.0,
  "pdb_SL3PLANE1": 0.0,
  "pdb_SL3PLANE2": 0.0,
  "pdb_SL3PLANE3": 0.0,
  "pdb_SPCPERPLANE1": 0.0,
  "pdb_SPCPERPLANE2": 0.0,
  "pdb_SPCPERPLANE3": 0.0,
  "pdb_MATRIXX": 256.0,
  "pdb_MATRIXY": 256.0,
  "pdb_SWAPPF": "S/I",
  "pdb_NEX": 1.0,
  "pdb_CONTRAST": "No",
  "pdb_TBLDELTA": 0.0,
  "pdb_RBW": 25.0,
  "pdb_AUTOSHIM": "Auto",
  "pdb_PHASECORR": "No",
  "pdb_PAUSEDELMASKACQ": 1.0,
  "pdb_GRIP_SLGROUP1": "-1.761103 31.641301 -17.581753 1.000000 0.000000 0.000000 0.000000 1.000000 0.000000 0.000000 0.000000 1.000000 1 0.000000 1 0 0",
  "pdb_GRIP_NUMSLGROUPS": 1.0,
  "pdb_GRIP_TRACKER": 0.0,
  "pdb_GRIP_SPECTRO": 0.0,
  "pdb_GRIP_NUMPSCVOL": 0.0,
  "pdb_GRIP_PSCVOL1": 0.0,
  "pdb_GRIP_PSCVOL2": 0.0,
  "pdb_GRIP_PSCVOLFOV": 0.0,
  "pdb_GRIP_PSCVOLTHICK": 0.0,
  "pdb_GRIP_IRBAND_A": 0.0,
  "pdb_GRIP_IRBAND_B": 0.0,
  "pdb_AUTOSUBOPTIONS": 0.0,
  "pdb_AUTOSCIC": 0.0,
  "pdb_AUTOVOICE": 0.0,
  "pdb_PRESETDELAY": 0.0,
  "pdb_MASKPHASE": 0.0,
  "pdb_MASKPAUSE": 0.0,
  "pdb_ONETOUCHREG": 0.0,
  "pdb_MEGDIR": 4.0,
  "pdb_PSDNAME": "mprage",
  "pdb_PHASEFOV": 1.0,
  "pdb_PHASEACCEL": 2.0,
  "pdb_USERCV4": 0.0,
  "pdb_USERCV24": 755.0,
  "pdb_SLABLOC": 176.0,
  "pdb_OVLPLOC": 0.0,
  "pdb_FOVCNT1": "A31.6",
  "pdb_FOVCNT2": "I17.6",
  "pdb_THREEDGW": 1.0,
  "pdb_USERCV7": 1.0,
  "pdb_NUMACQS": 0.0,
  "pdb_CONTAM": "Yes   ",
  "CleanOperatorName": "ALDA OTTLEY"
}