{
  "Modality": "MR",
  "MagneticFieldStrength": 3,
  "Manufacturer": "GE",
  "ManufacturersModelName": "DISCOVERY_MR750",
  "InstitutionName": "NIH_FMRIF",
  "DeviceSerialNumber": "00000000000o2o2o",
  "StationName": "fmrif3tc",
  "PatientPosition": "HFS",
  "ProcedureStepDescription": "MRI_Brain",
  "SoftwareVersions": "23_LX_MR_Software_release:DV22.0_V02_1122.a",
  "MRAcquisitionType": "2D",
  "SeriesDescription": "ME_Rest_matching_PE_for_distortion_correction",
  "ProtocolName": "ME_Rest_matching_PE_for_distortion_correction",
  "ScanningSequence": "EP_RM",
  "SequenceVariant": "NONE",
  "ScanOptions": "EPI_GEMS_ACC_GEMS",
  "ImageType": [
    "ORIGINAL",
    "PRIMARY",
    "EPI",
    "NONE"
  ],
  "SeriesNumber": 11,
  "AcquisitionNumber": 1,
  "SliceThickness": 3,
  "SpacingBetweenSlices": 4,
  "SAR": 0.222364,
  "EchoTime": 0.0151,
  "RepetitionTime": 2.5,
  "FlipAngle": 80,
  "PercentPhaseFOV": 100,
  "AcquisitionMatrixPE": 64,
  "ReconMatrixPE": 64,
  "EffectiveEchoSpacing": 0.000396,
  "TotalReadoutTime": 0.024948,
  "PixelBandwidth": 7812.5,
  "PhaseEncodingAxis": "j",
  "ImageOrientationPatientDICOM": [
    1,
    0,
    0,
    0,
    0.997307,
    0.0733355
  ],
  "InPlanePhaseEncodingDirectionDICOM": "COL",
  "ConversionSoftware": "dcm2niix",
  "ConversionSoftwareVersion": "v1.0.20180622 GCC4.8.5",
  "AcquisitionDateTime": "1822-05-02T18:58:54",
  "PhaseEncodingDirection": "j",
  "IntendedFor": [
    "ses-v2/func/sub-22686_ses-v2_task-rest_run-1_echo-1_bold.nii.gz",
    "ses-v2/func/sub-22686_ses-v2_task-rest_run-1_echo-2_bold.nii.gz",
    "ses-v2/func/sub-22686_ses-v2_task-rest_run-1_echo-3_bold.nii.gz",
    "ses-v2/func/sub-22686_ses-v2_task-rest_run-1_echo-4_bold.nii.gz"
  ],
  "ReceiveCoilName": "32Ch Head",
  "OperatorName": "KENNY",
  "real_protocol_name": "MAP_MErest_MID1",
  "pdb_POSITION": "Supine",
  "pdb_ENTRY": "Head First",
  "pdb_COIL": "32Ch Head",
  "pdb_PLANE": "OBLIQUE",
  "pdb_SEDESC": "ME Rest matching PE for distortion correction",
  "pdb_IMODE": "2D",
  "pdb_PSEQ": "Gradient Echo",
  "pdb_IOPT": "EPI, Asset, FMRI",
  "pdb_PLUG": 9.0,
  "pdb_FILTCHOICE": "None",
  "pdb_BWRT": 0.0,
  "pdb_TRICKSIMG": 1.0,
  "pdb_TAG_SPACE": 7.0,
  "pdb_TAG_TYPE": "None",
  "pdb_USERCV9": 0.0,
  "pdb_USERCV15": 0.0,
  "pdb_USERCV18": 0.0,
  "pdb_USERCV21": 0.0,
  "pdb_USERCV_MASK": 27579973.0,
  "pdb_NUMBVALUE": 1.0,
  "pdb_REOPT": 1.0,
  "pdb_FLIPANG": 80.0,
  "pdb_TE": "Min Full",
  "pdb_NECHO": 1.0,
  "pdb_TR": 2500.0,
  "pdb_AUTOTRGTYPE": 0.0,
  "pdb_PSDTRIG": 0.0,
  "pdb_SLICEORDER": 1.0,
  "pdb_VIEWORDER": 1.0,
  "pdb_TRREST": 1.0,
  "pdb_TRACTIVE": 1.0,
  "pdb_SEPSERIES": 0.0,
  "pdb_AUTOTRIGWIN": 0.0,
  "pdb_FOV": 24.0,
  "pdb_SLTHICK": 3.0,
  "pdb_SPC": 1.0,
  "pdb_GRXOPT": 0.0,
  "pdb_SLOC1": "R3.5",
  "pdb_SLOC2": "A28.3",
  "pdb_SLOC3": "I13.2",
  "pdb_ELOC1": "R3.5",
  "pdb_ELOC2": "A37.4",
  "pdb_ELOC3": "S110.5",
  "pdb_NOSLC": 32.0,
  "pdb_SL3PLANE": 0.0,
  "pdb_SL3PLANE1": 0.0,
  "pdb_SL3PLANE2": 0.0,
  "pdb_SL3PLANE3": 0.0,
  "pdb_SPCPERPLANE1": 0.0,
  "pdb_SPCPERPLANE2": 0.0,
  "pdb_SPCPERPLANE3": 0.0,
  "pdb_MATRIXX": 64.0,
  "pdb_MATRIXY": 64.0,
  "pdb_SWAPPF": "R/L",
  "pdb_NEX": 1.0,
  "pdb_CONTRAST": "No",
  "pdb_TBLDELTA": 0.0,
  "pdb_AUTOSHIM": "Off",
  "pdb_PHASECORR": "Yes",
  "pdb_PAUSEDELMASKACQ": 1.0,
  "pdb_GRIP_SLGROUP1": "3.515700 32.809948 48.630599 0.000000 0.073338 0.997307 0.000000 -0.997307 0.073338 1.000000 0.000000 0.000000 32 0.000000 1 0 0",
  "pdb_GRIP_NUMSLGROUPS": 1.0,
  "pdb_GRIP_TRACKER": 0.0,
  "pdb_GRIP_SPECTRO": 0.0,
  "pdb_GRIP_NUMPSCVOL": 0.0,
  "pdb_GRIP_PSCVOL1": 0.0,
  "pdb_GRIP_PSCVOL2": 0.0,
  "pdb_GRIP_PSCVOLFOV": 0.0,
  "pdb_GRIP_PSCVOLTHICK": 0.0,
  "pdb_GRIP_IRBAND_A": 0.0,
  "pdb_GRIP_IRBAND_B": 0.0,
  "pdb_AUTOSUBOPTIONS": 0.0,
  "pdb_AUTOSCIC": 0.0,
  "pdb_AUTOVOICE": 0.0,
  "pdb_PRESETDELAY": 0.0,
  "pdb_MASKPHASE": 0.0,
  "pdb_MASKPAUSE": 0.0,
  "pdb_ONETOUCHREG": 0.0,
  "pdb_MEGDIR": 4.0,
  "pdb_PSDNAME": "epiRTnihVR",
  "pdb_USERCV0": 1.0,
  "pdb_USERCV2": 1.0,
  "pdb_USERCV10": 7.0,
  "pdb_USERCV12": 0.0,
  "pdb_USERCV14": 1.0,
  "pdb_USERCV23": 4.0,
  "pdb_NUMSHOTS": 1.0,
  "pdb_INITSTATE": 0.0,
  "pdb_DUMACQ": 0.0,
  "pdb_SLPERLOC": 10.0,
  "pdb_DELACQ": 0.0,
  "pdb_DELACQNOAV": 0.0,
  "pdb_PDGMUID": "1.2.840.113819.3.20060302.1",
  "pdb_PDGMSTR": "Research Mode",
  "pdb_PHASEFOV": 1.0,
  "pdb_PHASEACCEL": 2.0,
  "pdb_USERCV6": 0.0,
  "pdb_USERCV24": 0.0,
  "pdb_NUMACQS": 0.0,
  "pdb_CONTAM": "Yes   ",
  "CleanOperatorName": "KENNY"
}