{
  "Modality": "MR",
  "MagneticFieldStrength": 3,
  "Manufacturer": "GE",
  "ManufacturersModelName": "DISCOVERY_MR750",
  "InstitutionName": "NIH_FMRIF",
  "DeviceSerialNumber": "000301496mr3T5mr",
  "StationName": "fmrif3ta",
  "BodyPartExamined": "HEAD",
  "PatientPosition": "HFS",
  "ProcedureStepDescription": "MRI_Procedure_Limited",
  "SoftwareVersions": "27_LX_MR_Software_release:DV26.0_R01_1725.a",
  "MRAcquisitionType": "2D",
  "SeriesDescription": "MID1_Axial_ME_Rest_EPI_3mm_iso.axial",
  "ProtocolName": "MID1_Axial_ME_Rest_EPI_3mm_iso.axial",
  "ScanningSequence": "EP_RM",
  "SequenceVariant": "NONE",
  "ScanOptions": "EPI_GEMS_ACC_GEMS",
  "ImageType": [
    "ORIGINAL",
    "PRIMARY",
    "EPI",
    "NONE"
  ],
  "SeriesNumber": 6,
  "AcquisitionNumber": 1,
  "SliceThickness": 3,
  "SpacingBetweenSlices": 4,
  "SAR": 0.116282,
  "EchoTime": 0.055799999999999995,
  "RepetitionTime": 2.5,
  "FlipAngle": 80,
  "PercentPhaseFOV": 100,
  "AcquisitionMatrixPE": 64,
  "ReconMatrixPE": 64,
  "EffectiveEchoSpacing": 0.000396,
  "TotalReadoutTime": 0.024948,
  "PixelBandwidth": 7812.5,
  "PhaseEncodingAxis": "j",
  "ImageOrientationPatientDICOM": [
    1,
    0,
    0,
    0,
    0.98955,
    -0.14419
  ],
  "InPlanePhaseEncodingDirectionDICOM": "COL",
  "ConversionSoftware": "dcm2niix",
  "ConversionSoftwareVersion": "v1.0.20180622 GCC4.8.5",
  "AcquisitionDateTime": "1828-04-18T14:33:39",
  "PhaseEncodingDirection": "j",
  "SliceTiming": [
    0.0,
    1.25,
    0.078125,
    1.328125,
    0.15625,
    1.40625,
    0.234375,
    1.484375,
    0.3125,
    1.5625,
    0.390625,
    1.640625,
    0.46875,
    1.71875,
    0.546875,
    1.796875,
    0.625,
    1.875,
    0.703125,
    1.953125,
    0.78125,
    2.03125,
    0.859375,
    2.109375,
    0.9375,
    2.1875,
    1.015625,
    2.265625,
    1.09375,
    2.34375,
    1.171875,
    2.421875
  ],
  "ReceiveCoilName": "32Ch Head",
  "OperatorName": "OTTLEY ALDA",
  "real_protocol_name": "MAP_Merest_MID1+MID",
  "pdb_POSITION": "Supine",
  "pdb_ENTRY": "Head First",
  "pdb_CLINICALCOIL": "C-GE_32Ch Head",
  "pdb_COIL": "32Ch Head",
  "pdb_COILCOMPONENT": "32 Ch Head Coil",
  "pdb_PLANE": "OBLIQUE",
  "pdb_SEDESC": "MID1_Axial ME Rest EPI 3mm iso.axial",
  "pdb_HOS": 0.0,
  "pdb_IMODE": "2D",
  "pdb_PSEQ": "Gradient Echo",
  "pdb_IOPT": "EPI, Asset, FMRI",
  "pdb_PLUG": 9.0,
  "pdb_FILTCHOICE": "None",
  "pdb_BWRT": 0.0,
  "pdb_TRICKSIMG": 1.0,
  "pdb_TAG_SPACE": 7.0,
  "pdb_TAG_TYPE": "None",
  "pdb_USERCV5": 13.6,
  "pdb_USERCV9": 1.0,
  "pdb_USERCV15": 0.0,
  "pdb_USERCV18": 0.0,
  "pdb_USERCV_MASK": 27579941.0,
  "pdb_USERCV_MASK2": 0.0,
  "pdb_NUMBVALUE": 1.0,
  "pdb_NUMSYNBVALUE": 1.0,
  "pdb_MULTISYNBVALUE": "1000.0;",
  "pdb_REOPT": 1.0,
  "pdb_FLIPANG": 80.0,
  "pdb_TE": "15.0",
  "pdb_NECHO": 1.0,
  "pdb_TR": 2500.0,
  "pdb_AUTOTRGTYPE": 0.0,
  "pdb_PSDTRIG": 0.0,
  "pdb_SLICEORDER": 1.0,
  "pdb_VIEWORDER": 1.0,
  "pdb_TRREST": 1.0,
  "pdb_TRACTIVE": 1.0,
  "pdb_SEPSERIES": 0.0,
  "pdb_AUTOTRIGWIN": 0.0,
  "pdb_FOV": 24.0,
  "pdb_SLTHICK": 3.0,
  "pdb_SPC": 1.0,
  "pdb_GRXOPT": 0.0,
  "pdb_SLOC1": "0.0",
  "pdb_SLOC2": "A35.9",
  "pdb_SLOC3": "I53.2",
  "pdb_ELOC1": "0.0",
  "pdb_ELOC2": "A18.0",
  "pdb_ELOC3": "S69.6",
  "pdb_NOSLC": 32.0,
  "pdb_SL3PLANE": 0.0,
  "pdb_SL3PLANE1": 0.0,
  "pdb_SL3PLANE2": 0.0,
  "pdb_SL3PLANE3": 0.0,
  "pdb_SPCPERPLANE1": 0.0,
  "pdb_SPCPERPLANE2": 0.0,
  "pdb_SPCPERPLANE3": 0.0,
  "pdb_MATRIXX": 64.0,
  "pdb_MATRIXY": 64.0,
  "pdb_SWAPPF": "R/L",
  "pdb_NEX": 1.0,
  "pdb_CONTRAST": "No",
  "pdb_TBLDELTA": 0.0,
  "pdb_AUTOSHIM": "Auto",
  "pdb_PHASECORR": "Yes",
  "pdb_PAUSEDELMASKACQ": 1.0,
  "pdb_GRIP_SLGROUP1": "0.000000 26.950451 8.200050 0.000000 -0.144188 0.989550 0.000000 -0.989550 -0.144188 1.000000 0.000000 0.000000 32 0.000000 1 0.000000 1",
  "pdb_GRIP_NUMSLGROUPS": 1.0,
  "pdb_GRIP_TRACKER": 0.0,
  "pdb_GRIP_SPECTRO": 0.0,
  "pdb_GRIP_NUMPSCVOL": 0.0,
  "pdb_GRIP_PSCVOL1": 0.0,
  "pdb_GRIP_PSCVOL2": 0.0,
  "pdb_GRIP_PSCVOLFOV": 0.0,
  "pdb_GRIP_PSCVOLTHICK": 0.0,
  "pdb_GRIP_PSCVOLSLAB": 0.0,
  "pdb_GRIP_IRBAND_A": 0.0,
  "pdb_GRIP_IRBAND_B": 0.0,
  "pdb_AUTOSUBOPTIONS": 0.0,
  "pdb_AUTOSCIC": 0.0,
  "pdb_AUTOVOICE": 0.0,
  "pdb_PRESETDELAY": 0.0,
  "pdb_MASKPHASE": 0.0,
  "pdb_MASKPAUSE": 0.0,
  "pdb_GRXLOCSAVE": 0.0,
  "pdb_AUTOCOIL": 0.0,
  "pdb_ONETOUCHREG": 0.0,
  "pdb_MPHPRESERVEMODE": 0.0,
  "pdb_TEMPORALPHASES": 4.0,
  "pdb_MEGFREQ": 60.0,
  "pdb_DRIVERAMP": 50.0,
  "pdb_MEGDIR": 4.0,
  "pdb_DRIVERFREQ": 60.0,
  "pdb_RFDRIVEMODE": "Preset",
  "pdb_EXCITATIONMODE": "Selective",
  "pdb_ANATOMY": "SRT%5CNone%5CT-D1100",
  "pdb_PSCSHIMTG": 0.0,
  "pdb_SAVEORIGINAL": 0.0,
  "pdb_PSDNAME": "epiRTnih",
  "pdb_USERCV0": 1.0,
  "pdb_USERCV2": 4.0,
  "pdb_USERCV10": 7.0,
  "pdb_USERCV12": 0.0,
  "pdb_USERCV14": 1.0,
  "pdb_USERCV23": 0.0,
  "pdb_NUMSHOTS": 1.0,
  "pdb_INITSTATE": 0.0,
  "pdb_DUMACQ": 0.0,
  "pdb_SLPERLOC": 196.0,
  "pdb_DELACQ": 0.0,
  "pdb_DELACQNOAV": 0.0,
  "pdb_PDGMUID": "1.2.840.113819.3.20060302.1",
  "pdb_PDGMSTR": "Research Mode",
  "pdb_PHASEFOV": 1.0,
  "pdb_PHASEACCEL": 2.0,
  "pdb_NAVPSCPAUSE": 0.0,
  "CleanOperatorName": "ALDA OTTLEY"
}