{
  "Modality": "MR",
  "MagneticFieldStrength": 3,
  "Manufacturer": "GE",
  "ManufacturersModelName": "DISCOVERY_MR750",
  "InstitutionName": "NIH_FMRIF",
  "DeviceSerialNumber": "000301496mr3T5mr",
  "StationName": "fmrif3ta",
  "BodyPartExamined": "HEAD",
  "PatientPosition": "HFS",
  "ProcedureStepDescription": "MRI_Procedure_Limited",
  "SoftwareVersions": "27_LX_MR_Software_release:DV26.0_R01_1725.a",
  "MRAcquisitionType": "2D",
  "SeriesDescription": "MID1_Ax_T2_FLAIR_1x1x4mm",
  "ProtocolName": "MID1_Ax_T2_FLAIR_1x1x4mm",
  "ScanningSequence": "SE",
  "SequenceVariant": "SK",
  "ScanOptions": "FAST_GEMS_TRF_GEMS_FILTERED_GEMS_FSA_GEMS_T2FLAIR_GEMS",
  "ImageType": [
    "ORIGINAL",
    "PRIMARY",
    "OTHER"
  ],
  "SeriesNumber": 4,
  "AcquisitionNumber": 1,
  "SliceThickness": 2,
  "SpacingBetweenSlices": 2,
  "SAR": 0.7819,
  "EchoTime": 0.121604,
  "RepetitionTime": 9,
  "InversionTime": 2.233,
  "FlipAngle": 111,
  "PercentPhaseFOV": 100,
  "AcquisitionMatrixPE": 256,
  "ReconMatrixPE": 256,
  "PixelBandwidth": 488.281,
  "PhaseEncodingAxis": "i",
  "ImageOrientationPatientDICOM": [
    1,
    0,
    -0.00237,
    6e-05,
    0.99971,
    0.02416
  ],
  "InPlanePhaseEncodingDirectionDICOM": "ROW",
  "ConversionSoftware": "dcm2niix",
  "ConversionSoftwareVersion": "v1.0.20180622 GCC4.8.5",
  "AcquisitionDateTime": "1833-08-21T18:38:07",
  "ReceiveCoilName": "32Ch Head",
  "OperatorName": "ZOLFAGHARI JAYNE",
  "real_protocol_name": "MAP_Merest_MID1+MID",
  "pdb_POSITION": "Supine",
  "pdb_ENTRY": "Head First",
  "pdb_CLINICALCOIL": "C-GE_32Ch Head",
  "pdb_COIL": "32Ch Head",
  "pdb_COILCOMPONENT": "32 Ch Head Coil",
  "pdb_PLANE": "OBLIQUE",
  "pdb_SEDESC": "MID1_Ax T2 FLAIR 1x1x4mm",
  "pdb_HOS": 0.0,
  "pdb_IMODE": "2D",
  "pdb_PSEQ": "FSE-XL",
  "pdb_IOPT": "TRF, Fast, T2flair",
  "pdb_PLUG": 22.0,
  "pdb_FILTCHOICE": "None",
  "pdb_BWRT": -1.0,
  "pdb_TRICKSIMG": 1.0,
  "pdb_TAG_SPACE": 7.0,
  "pdb_TAG_TYPE": "None",
  "pdb_USERCV3": 2.0,
  "pdb_USERCV5": 0.0,
  "pdb_USERCV9": 0.0,
  "pdb_USERCV11": 0.0,
  "pdb_USERCV15": 0.0,
  "pdb_USERCV17": 1.0,
  "pdb_USERCV18": 0.0,
  "pdb_USERCV21": 0.0,
  "pdb_USERCV22": 1.0,
  "pdb_USERCV30": 1.0,
  "pdb_USERCV38": 0.0,
  "pdb_USERCV_MASK": 6588968.0,
  "pdb_USERCV_MASK2": 0.0,
  "pdb_NUMBVALUE": 1.0,
  "pdb_NUMSYNBVALUE": 1.0,
  "pdb_MULTISYNBVALUE": "1000.0;",
  "pdb_REOPT": 1.0,
  "pdb_FLIPANG": 111.0,
  "pdb_AUTOFLIPANG": 1.0,
  "pdb_TE": "120.0",
  "pdb_NECHO": 1.0,
  "pdb_TR": 9000.0,
  "pdb_TI": 2233.0,
  "pdb_BPMMODE": 0.0,
  "pdb_AUTOTRGTYPE": 0.0,
  "pdb_PSDTRIG": 0.0,
  "pdb_SLICEORDER": 1.0,
  "pdb_VIEWORDER": 1.0,
  "pdb_TRREST": 0.0,
  "pdb_TRACTIVE": 0.0,
  "pdb_SEPSERIES": 0.0,
  "pdb_AUTOTRIGWIN": 0.0,
  "pdb_FOV": 25.6,
  "pdb_SLTHICK": 2.0,
  "pdb_SPC": 0.0,
  "pdb_GRXOPT": 0.0,
  "pdb_SLOC1": "R0.2",
  "pdb_SLOC2": "A33.4",
  "pdb_SLOC3": "I73.9",
  "pdb_ELOC1": "L0.2",
  "pdb_ELOC2": "A36.9",
  "pdb_ELOC3": "S68.0",
  "pdb_NOSLC": 72.0,
  "pdb_SL3PLANE": 0.0,
  "pdb_SL3PLANE1": 0.0,
  "pdb_SL3PLANE2": 0.0,
  "pdb_SL3PLANE3": 0.0,
  "pdb_SPCPERPLANE1": 0.0,
  "pdb_SPCPERPLANE2": 0.0,
  "pdb_SPCPERPLANE3": 0.0,
  "pdb_MATRIXX": 256.0,
  "pdb_MATRIXY": 256.0,
  "pdb_SWAPPF": "A/P",
  "pdb_NEX": 1.0,
  "pdb_CONTRAST": "No",
  "pdb_TBLDELTA": 0.0,
  "pdb_RBW": 62.5,
  "pdb_AUTOSHIM": "Auto",
  "pdb_PHASECORR": "No",
  "pdb_PAUSEDELMASKACQ": 1.0,
  "pdb_GRIP_SLGROUP1": "-0.001687 35.157001 -2.932998 -0.002365 0.024159 0.999705 0.999997 0.000000 0.002365 -0.000057 -0.999708 0.024159 72 0.000000 1 0.000000 1",
  "pdb_GRIP_NUMSLGROUPS": 1.0,
  "pdb_GRIP_TRACKER": 0.0,
  "pdb_GRIP_SPECTRO": 0.0,
  "pdb_GRIP_NUMPSCVOL": 0.0,
  "pdb_GRIP_PSCVOL1": 0.0,
  "pdb_GRIP_PSCVOL2": 0.0,
  "pdb_GRIP_PSCVOLFOV": 0.0,
  "pdb_GRIP_PSCVOLTHICK": 0.0,
  "pdb_GRIP_PSCVOLSLAB": 0.0,
  "pdb_GRIP_IRBAND_A": 0.0,
  "pdb_GRIP_IRBAND_B": 0.0,
  "pdb_AUTOSUBOPTIONS": 0.0,
  "pdb_AUTOSCIC": 2.0,
  "pdb_AUTOVOICE": 0.0,
  "pdb_PRESETDELAY": 0.0,
  "pdb_MASKPHASE": 0.0,
  "pdb_MASKPAUSE": 0.0,
  "pdb_GRXLOCSAVE": 0.0,
  "pdb_AUTOCOIL": 0.0,
  "pdb_ONETOUCHREG": 0.0,
  "pdb_MPHPRESERVEMODE": 0.0,
  "pdb_TEMPORALPHASES": 4.0,
  "pdb_MEGFREQ": 60.0,
  "pdb_DRIVERAMP": 50.0,
  "pdb_MEGDIR": 4.0,
  "pdb_DRIVERFREQ": 60.0,
  "pdb_RFDRIVEMODE": "Preset",
  "pdb_EXCITATIONMODE": "Selective",
  "pdb_INVERTF": "Normal (A)",
  "pdb_ANATOMY": "SRT%5CNone%5CT-D1100",
  "pdb_PSCSHIMTG": 0.0,
  "pdb_SAVEORIGINAL": 1.0,
  "pdb_USERCV40": 0.0,
  "CleanOperatorName": "JAYNE ZOLFAGHARI"
}