{
  "Modality": "MR",
  "MagneticFieldStrength": 3,
  "Manufacturer": "GE",
  "ManufacturersModelName": "DISCOVERY_MR750",
  "InstitutionName": "NIH_FMRIF",
  "DeviceSerialNumber": "00000000000o2o2o",
  "StationName": "fmrif3tc",
  "PatientPosition": "HFS",
  "ProcedureStepDescription": "MRI_Brain",
  "SoftwareVersions": "23_LX_MR_Software_release:DV22.0_V02_1122.a",
  "MRAcquisitionType": "2D",
  "SeriesDescription": "MID_T2_Axial_2.0_mm",
  "ProtocolName": "MID_T2_Axial_2.0_mm",
  "ScanningSequence": "SE",
  "SequenceVariant": "SK",
  "ScanOptions": "FAST_GEMS",
  "ImageType": [
    "ORIGINAL",
    "PRIMARY",
    "OTHER"
  ],
  "SeriesNumber": 7,
  "AcquisitionNumber": 1,
  "SliceThickness": 2,
  "SpacingBetweenSlices": 2,
  "SAR": 2.1883,
  "EchoTime": 0.10098,
  "RepetitionTime": 5,
  "FlipAngle": 90,
  "PercentPhaseFOV": 80,
  "EchoTrainLength": 16,
  "AcquisitionMatrixPE": 256,
  "ReconMatrixPE": 256,
  "PixelBandwidth": 488.281,
  "PhaseEncodingAxis": "i",
  "ImageOrientationPatientDICOM": [
    0.99833,
    0,
    -0.057772,
    0.00350963,
    0.998144,
    0.0607932
  ],
  "InPlanePhaseEncodingDirectionDICOM": "ROW",
  "ConversionSoftware": "dcm2niix",
  "ConversionSoftwareVersion": "v1.0.20180622 GCC4.8.5",
  "AcquisitionDateTime": "1871-11-02T16:46:47",
  "ReceiveCoilName": "32Ch Head",
  "OperatorName": "OTTLEY",
  "real_protocol_name": "MAP_Merest_MID1+MID",
  "pdb_POSITION": "Supine",
  "pdb_ENTRY": "Head First",
  "pdb_COIL": "32Ch Head",
  "pdb_PLANE": "OBLIQUE",
  "pdb_SEDESC": "MID_T2 Axial_2.0 mm",
  "pdb_IMODE": "2D",
  "pdb_PSEQ": "FSE-XL",
  "pdb_IOPT": "Fast",
  "pdb_PLUG": 22.0,
  "pdb_FILTCHOICE": "None",
  "pdb_BWRT": -1.0,
  "pdb_TRICKSIMG": 1.0,
  "pdb_TAG_SPACE": 7.0,
  "pdb_TAG_TYPE": "None",
  "pdb_USERCV9": 0.0,
  "pdb_USERCV21": 0.0,
  "pdb_USERCV22": 1.0,
  "pdb_USERCV_MASK": 6308800.0,
  "pdb_NUMBVALUE": 1.0,
  "pdb_REOPT": 1.0,
  "pdb_TE": "100.0",
  "pdb_NECHO": 1.0,
  "pdb_TR": 5000.0,
  "pdb_BPMMODE": 0.0,
  "pdb_AUTOTRGTYPE": 0.0,
  "pdb_PSDTRIG": 0.0,
  "pdb_SLICEORDER": 1.0,
  "pdb_VIEWORDER": 1.0,
  "pdb_TRREST": 0.0,
  "pdb_TRACTIVE": 0.0,
  "pdb_SEPSERIES": 0.0,
  "pdb_AUTOTRIGWIN": 0.0,
  "pdb_FOV": 25.6,
  "pdb_SLTHICK": 2.0,
  "pdb_SPC": 0.0,
  "pdb_GRXOPT": 0.0,
  "pdb_SLOC1": "R0.3",
  "pdb_SLOC2": "A30.3",
  "pdb_SLOC3": "I54.5",
  "pdb_ELOC1": "L7.9",
  "pdb_ELOC2": "A38.9",
  "pdb_ELOC3": "S87.0",
  "pdb_NOSLC": 72.0,
  "pdb_SL3PLANE": 0.0,
  "pdb_SL3PLANE1": 0.0,
  "pdb_SL3PLANE2": 0.0,
  "pdb_SL3PLANE3": 0.0,
  "pdb_SPCPERPLANE1": 0.0,
  "pdb_SPCPERPLANE2": 0.0,
  "pdb_SPCPERPLANE3": 0.0,
  "pdb_MATRIXX": 256.0,
  "pdb_MATRIXY": 256.0,
  "pdb_SWAPPF": "A/P",
  "pdb_NEX": 1.0,
  "pdb_CONTRAST": "No",
  "pdb_TBLDELTA": 0.0,
  "pdb_RBW": 62.5,
  "pdb_AUTOSHIM": "Auto",
  "pdb_PHASECORR": "Yes",
  "pdb_PAUSEDELMASKACQ": 1.0,
  "pdb_GRIP_SLGROUP1": "-3.768343 34.590344 16.216400 -0.057679 0.060888 0.996477 0.998329 0.000000 0.057786 -0.003518 -0.998145 0.060787 72 0.000000 1 0 0",
  "pdb_GRIP_NUMSLGROUPS": 1.0,
  "pdb_GRIP_TRACKER": 0.0,
  "pdb_GRIP_SPECTRO": 0.0,
  "pdb_GRIP_NUMPSCVOL": 0.0,
  "pdb_GRIP_PSCVOL1": 0.0,
  "pdb_GRIP_PSCVOL2": 0.0,
  "pdb_GRIP_PSCVOLFOV": 0.0,
  "pdb_GRIP_PSCVOLTHICK": 0.0,
  "pdb_GRIP_IRBAND_A": 0.0,
  "pdb_GRIP_IRBAND_B": 0.0,
  "pdb_AUTOSUBOPTIONS": 0.0,
  "pdb_AUTOSCIC": 0.0,
  "pdb_AUTOVOICE": 0.0,
  "pdb_PRESETDELAY": 0.0,
  "pdb_MASKPHASE": 0.0,
  "pdb_MASKPAUSE": 0.0,
  "pdb_ONETOUCHREG": 0.0,
  "pdb_MEGDIR": 4.0,
  "pdb_USERCV14": 0.0,
  "pdb_MULTIBVALUE": "1000.0;",
  "pdb_MULTINEXVALUE": "1;",
  "pdb_PHASEFOV": 0.8,
  "pdb_USERCV6": 0.0,
  "pdb_USERCV7": 0.0,
  "pdb_USERCV8": 0.0,
  "pdb_ETL": 16.0,
  "pdb_B4PAUSE": 0.0,
  "pdb_NUMACQS": 0.0,
  "pdb_CONTAM": "Yes   ",
  "CleanOperatorName": "ALDA OTTLEY"
}