{
  "Modality": "MR",
  "MagneticFieldStrength": 3,
  "Manufacturer": "GE",
  "ManufacturersModelName": "DISCOVERY_MR750",
  "InstitutionName": "NIH_FMRIF",
  "DeviceSerialNumber": "000301496mr3T5mr",
  "StationName": "fmrif3ta",
  "BodyPartExamined": "HEAD",
  "PatientPosition": "HFS",
  "ProcedureStepDescription": "MRI_Procedure_Limited",
  "SoftwareVersions": "27_LX_MR_Software_release:DV25.1_R01_1617.b",
  "MRAcquisitionType": "2D",
  "SeriesDescription": "ME_Rest_matching_PE_for_distortion_correction",
  "ProtocolName": "ME_Rest_matching_PE_for_distortion_correction",
  "ScanningSequence": "EP_RM",
  "SequenceVariant": "NONE",
  "ScanOptions": "EPI_GEMS_ACC_GEMS",
  "ImageType": [
    "ORIGINAL",
    "PRIMARY",
    "EPI",
    "NONE"
  ],
  "SeriesNumber": 8,
  "AcquisitionNumber": 1,
  "SliceThickness": 3,
  "SpacingBetweenSlices": 4,
  "SAR": 0.211326,
  "EchoTime": 0.0151,
  "RepetitionTime": 2.5,
  "FlipAngle": 80,
  "PercentPhaseFOV": 100,
  "AcquisitionMatrixPE": 64,
  "ReconMatrixPE": 64,
  "EffectiveEchoSpacing": 0.000396,
  "TotalReadoutTime": 0.024948,
  "PixelBandwidth": 7812.5,
  "PhaseEncodingAxis": "j",
  "ImageOrientationPatientDICOM": [
    0.999666,
    0.0258355,
    0,
    -0.0247409,
    0.957312,
    -0.287995
  ],
  "InPlanePhaseEncodingDirectionDICOM": "COL",
  "ConversionSoftware": "dcm2niix",
  "ConversionSoftwareVersion": "v1.0.20180622 GCC4.8.5",
  "AcquisitionDateTime": "1839-11-05T11:41:14",
  "PhaseEncodingDirection": "j",
  "IntendedFor": [
    "ses-v1/func/sub-21111_ses-v1_task-rest_run-1_echo-1_bold.nii.gz",
    "ses-v1/func/sub-21111_ses-v1_task-rest_run-1_echo-2_bold.nii.gz",
    "ses-v1/func/sub-21111_ses-v1_task-rest_run-1_echo-3_bold.nii.gz",
    "ses-v1/func/sub-21111_ses-v1_task-rest_run-1_echo-4_bold.nii.gz"
  ],
  "ReceiveCoilName": "32Ch Head",
  "real_protocol_name": "MAP_Merest_MID1+MID",
  "pdb_POSITION": "Supine",
  "pdb_ENTRY": "Head First",
  "pdb_CLINICALCOIL": "C-GE_32Ch Head",
  "pdb_COIL": "32Ch Head",
  "pdb_COILCOMPONENT": "32 Ch Head Coil",
  "pdb_PLANE": "OBLIQUE",
  "pdb_SEDESC": "ME Rest matching PE for distortion correction",
  "pdb_HOS": 0.0,
  "pdb_IMODE": "2D",
  "pdb_PSEQ": "Gradient Echo",
  "pdb_IOPT": "EPI, Asset, FMRI",
  "pdb_PLUG": 9.0,
  "pdb_FILTCHOICE": "None",
  "pdb_BWRT": 0.0,
  "pdb_TRICKSIMG": 1.0,
  "pdb_TAG_SPACE": 7.0,
  "pdb_TAG_TYPE": "None",
  "pdb_USERCV9": 0.0,
  "pdb_USERCV15": 0.0,
  "pdb_USERCV18": 0.0,
  "pdb_USERCV21": 0.0,
  "pdb_USERCV_MASK": 27579973.0,
  "pdb_USERCV_MASK2": 0.0,
  "pdb_NUMBVALUE": 1.0,
  "pdb_REOPT": 1.0,
  "pdb_FLIPANG": 80.0,
  "pdb_TE": "Min Full",
  "pdb_NECHO": 1.0,
  "pdb_TR": 2500.0,
  "pdb_AUTOTRGTYPE": 0.0,
  "pdb_PSDTRIG": 0.0,
  "pdb_SLICEORDER": 1.0,
  "pdb_VIEWORDER": 1.0,
  "pdb_TRREST": 1.0,
  "pdb_TRACTIVE": 1.0,
  "pdb_SEPSERIES": 0.0,
  "pdb_AUTOTRIGWIN": 0.0,
  "pdb_FOV": 24.0,
  "pdb_SLTHICK": 3.0,
  "pdb_SPC": 1.0,
  "pdb_GRXOPT": 0.0,
  "pdb_SLOC1": "L0.4",
  "pdb_SLOC2": "A33.1",
  "pdb_SLOC3": "I53.5",
  "pdb_ELOC1": "R0.5",
  "pdb_ELOC2": "P2.6",
  "pdb_ELOC3": "S65.2",
  "pdb_NOSLC": 32.0,
  "pdb_SL3PLANE": 0.0,
  "pdb_SL3PLANE1": 0.0,
  "pdb_SL3PLANE2": 0.0,
  "pdb_SL3PLANE3": 0.0,
  "pdb_SPCPERPLANE1": 0.0,
  "pdb_SPCPERPLANE2": 0.0,
  "pdb_SPCPERPLANE3": 0.0,
  "pdb_MATRIXX": 64.0,
  "pdb_MATRIXY": 64.0,
  "pdb_SWAPPF": "R/L",
  "pdb_NEX": 1.0,
  "pdb_CONTRAST": "No",
  "pdb_TBLDELTA": 0.0,
  "pdb_AUTOSHIM": "Off",
  "pdb_PHASECORR": "Yes",
  "pdb_PAUSEDELMASKACQ": 1.0,
  "pdb_GRIP_SLGROUP1": "0.045501 15.232038 5.856250 0.007441 -0.287899 0.957632 0.024741 -0.957312 -0.287995 0.999666 0.025836 0.000000 32 0.000000 1 0.000000 1",
  "pdb_GRIP_NUMSLGROUPS": 1.0,
  "pdb_GRIP_TRACKER": 0.0,
  "pdb_GRIP_SPECTRO": 0.0,
  "pdb_GRIP_NUMPSCVOL": 0.0,
  "pdb_GRIP_PSCVOL1": 0.0,
  "pdb_GRIP_PSCVOL2": 0.0,
  "pdb_GRIP_PSCVOLFOV": 0.0,
  "pdb_GRIP_PSCVOLTHICK": 0.0,
  "pdb_GRIP_IRBAND_A": 0.0,
  "pdb_GRIP_IRBAND_B": 0.0,
  "pdb_AUTOSUBOPTIONS": 0.0,
  "pdb_AUTOSCIC": 0.0,
  "pdb_AUTOVOICE": 0.0,
  "pdb_PRESETDELAY": 0.0,
  "pdb_MASKPHASE": 0.0,
  "pdb_MASKPAUSE": 0.0,
  "pdb_GRXLOCSAVE": 0.0,
  "pdb_AUTOCOIL": 0.0,
  "pdb_ONETOUCHREG": 0.0,
  "pdb_TEMPORALPHASES": 4.0,
  "pdb_MEGFREQ": 60.0,
  "pdb_DRIVERAMP": 50.0,
  "pdb_MEGDIR": 4.0,
  "pdb_DRIVERFREQ": 60.0,
  "pdb_RFDRIVEMODE": "Preset",
  "pdb_EXCITATIONMODE": "Selective",
  "pdb_ANATOMY": "SRT%5CNone%5CT-D1100",
  "pdb_PSDNAME": "epiRTnihVR",
  "pdb_USERCV0": 1.0,
  "pdb_USERCV2": 1.0,
  "pdb_USERCV10": 7.0,
  "pdb_USERCV12": 0.0,
  "pdb_USERCV14": 1.0,
  "pdb_USERCV23": 4.0,
  "pdb_NUMSHOTS": 1.0,
  "pdb_INITSTATE": 0.0,
  "pdb_DUMACQ": 0.0,
  "pdb_SLPERLOC": 10.0,
  "pdb_DELACQ": 0.0,
  "pdb_DELACQNOAV": 0.0,
  "pdb_PDGMUID": "1.2.840.113819.3.20060302.1",
  "pdb_PDGMSTR": "Research Mode",
  "pdb_PHASEFOV": 1.0,
  "pdb_PHASEACCEL": 2.0,
  "pdb_NAVPSCPAUSE": 0.0,
  "pdb_USERCV24": 0.0,
  "pdb_CONTAM": "Yes   "
}