{
  "Modality": "MR",
  "MagneticFieldStrength": 3,
  "Manufacturer": "GE",
  "ManufacturersModelName": "DISCOVERY_MR750",
  "InstitutionName": "NIH_FMRIF",
  "DeviceSerialNumber": "00000000000o2o2o",
  "StationName": "fmrif3tc",
  "PatientPosition": "HFS",
  "ProcedureStepDescription": "MRI_Brain",
  "SoftwareVersions": "23_LX_MR_Software_release:DV22.0_V02_1122.a",
  "MRAcquisitionType": "2D",
  "SeriesDescription": "MID_Ax_T2_FLAIR_1x1x4mm",
  "ProtocolName": "MID_Ax_T2_FLAIR_1x1x4mm",
  "ScanningSequence": "SE_IR",
  "SequenceVariant": "SK",
  "ScanOptions": "FAST_GEMS_TRF_GEMS_FILTERED_GEMS",
  "ImageType": [
    "ORIGINAL",
    "PRIMARY",
    "OTHER"
  ],
  "SeriesNumber": 8,
  "AcquisitionNumber": 1,
  "SliceThickness": 2,
  "SpacingBetweenSlices": 2,
  "SAR": 1.3789,
  "EchoTime": 0.123668,
  "RepetitionTime": 9,
  "InversionTime": 2.233,
  "FlipAngle": 90,
  "PercentPhaseFOV": 100,
  "AcquisitionMatrixPE": 256,
  "ReconMatrixPE": 256,
  "PixelBandwidth": 488.281,
  "PhaseEncodingAxis": "i",
  "ImageOrientationPatientDICOM": [
    0.996958,
    0.077945,
    0,
    -0.0778823,
    0.996387,
    0.0338751
  ],
  "InPlanePhaseEncodingDirectionDICOM": "ROW",
  "ConversionSoftware": "dcm2niix",
  "ConversionSoftwareVersion": "v1.0.20180622 GCC4.8.5",
  "AcquisitionDateTime": "1912-09-23T09:29:17",
  "ReceiveCoilName": "32Ch Head",
  "real_protocol_name": "Clinical 32Ch Brain",
  "pdb_POSITION": "Supine",
  "pdb_ENTRY": "Head First",
  "pdb_COIL": "32Ch Head",
  "pdb_PLANE": "OBLIQUE",
  "pdb_SEDESC": "MID_Ax T2 FLAIR 1x1x4mm",
  "pdb_IMODE": "2D",
  "pdb_PSEQ": "T2flair",
  "pdb_IOPT": "TRF, Fast",
  "pdb_PLUG": 25.0,
  "pdb_FILTCHOICE": "None",
  "pdb_BWRT": -1.0,
  "pdb_TRICKSIMG": 1.0,
  "pdb_TAG_SPACE": 7.0,
  "pdb_TAG_TYPE": "None",
  "pdb_USERCV3": 2.0,
  "pdb_USERCV9": 0.0,
  "pdb_USERCV11": 0.0,
  "pdb_USERCV21": 0.0,
  "pdb_USERCV22": 1.0,
  "pdb_USERCV_MASK": 6310664.0,
  "pdb_NUMBVALUE": 1.0,
  "pdb_REOPT": 1.0,
  "pdb_TE": "120.0",
  "pdb_NECHO": 1.0,
  "pdb_TR": 9000.0,
  "pdb_TI": 2233.0,
  "pdb_BPMMODE": 0.0,
  "pdb_AUTOTRGTYPE": 0.0,
  "pdb_PSDTRIG": 0.0,
  "pdb_SLICEORDER": 1.0,
  "pdb_VIEWORDER": 1.0,
  "pdb_TRREST": 0.0,
  "pdb_TRACTIVE": 0.0,
  "pdb_SEPSERIES": 0.0,
  "pdb_AUTOTRIGWIN": 0.0,
  "pdb_FOV": 25.6,
  "pdb_SLTHICK": 2.0,
  "pdb_SPC": 0.0,
  "pdb_GRXOPT": 0.0,
  "pdb_SLOC1": "L3.8",
  "pdb_SLOC2": "A20.1",
  "pdb_SLOC3": "I82.2",
  "pdb_ELOC1": "L4.2",
  "pdb_ELOC2": "A24.9",
  "pdb_ELOC3": "S59.7",
  "pdb_NOSLC": 72.0,
  "pdb_SL3PLANE": 0.0,
  "pdb_SL3PLANE1": 0.0,
  "pdb_SL3PLANE2": 0.0,
  "pdb_SL3PLANE3": 0.0,
  "pdb_SPCPERPLANE1": 0.0,
  "pdb_SPCPERPLANE2": 0.0,
  "pdb_SPCPERPLANE3": 0.0,
  "pdb_MATRIXX": 256.0,
  "pdb_MATRIXY": 256.0,
  "pdb_SWAPPF": "A/P",
  "pdb_NEX": 1.0,
  "pdb_CONTRAST": "No",
  "pdb_TBLDELTA": 0.0,
  "pdb_RBW": 62.5,
  "pdb_AUTOSHIM": "Auto",
  "pdb_PHASECORR": "No",
  "pdb_PAUSEDELMASKACQ": 1.0,
  "pdb_GRIP_SLGROUP1": "-3.980931 22.455856 -11.217388 -0.002641 0.033780 0.999426 0.996959 0.077930 0.000000 0.077885 -0.996387 0.033883 72 0.000000 1 0 0",
  "pdb_GRIP_NUMSLGROUPS": 1.0,
  "pdb_GRIP_TRACKER": 0.0,
  "pdb_GRIP_SPECTRO": 0.0,
  "pdb_GRIP_NUMPSCVOL": 0.0,
  "pdb_GRIP_PSCVOL1": 0.0,
  "pdb_GRIP_PSCVOL2": 0.0,
  "pdb_GRIP_PSCVOLFOV": 0.0,
  "pdb_GRIP_PSCVOLTHICK": 0.0,
  "pdb_GRIP_IRBAND_A": 0.0,
  "pdb_GRIP_IRBAND_B": 0.0,
  "pdb_AUTOSUBOPTIONS": 0.0,
  "pdb_AUTOSCIC": 1.0,
  "pdb_AUTOVOICE": 0.0,
  "pdb_PRESETDELAY": 0.0,
  "pdb_MASKPHASE": 0.0,
  "pdb_MASKPAUSE": 0.0,
  "pdb_ONETOUCHREG": 0.0,
  "pdb_MEGDIR": 4.0,
  "pdb_USERCV14": 0.0,
  "pdb_USERCV8": 0.0,
  "pdb_NUMACQS": 0.0,
  "pdb_CONTAM": "Yes   "
}