{
  "Modality": "MR",
  "MagneticFieldStrength": 3,
  "Manufacturer": "GE",
  "ManufacturersModelName": "DISCOVERY_MR750",
  "InstitutionName": "NIH_FMRIF",
  "DeviceSerialNumber": "000301496mr3T5mr",
  "StationName": "FMRI3ta",
  "BodyPartExamined": "BRAIN",
  "PatientPosition": "HFS",
  "ProcedureStepDescription": "MRI_Brain",
  "SoftwareVersions": "27_LX_MR_Software_release:DV26.0_R03_1831.b",
  "MRAcquisitionType": "3D",
  "SeriesDescription": "Anat_T1w_MP-RAGE_1mm_(ABCD)",
  "ProtocolName": "Anat_T1w_MP-RAGE_1mm_(ABCD)",
  "ScanningSequence": "RM",
  "SequenceVariant": "NONE",
  "ScanOptions": "EDR_GEMS_PROMO_GEMS_FILTERED_GEMS_ACC_GEMS_IR_GEMS",
  "ImageType": [
    "ORIGINAL",
    "PRIMARY",
    "OTHER"
  ],
  "SeriesNumber": 3,
  "AcquisitionNumber": 1,
  "SliceThickness": 1,
  "SpacingBetweenSlices": 1,
  "SAR": 0.107998,
  "EchoTime": 0.00304,
  "RepetitionTime": 0.007648,
  "InversionTime": 1.06,
  "FlipAngle": 8,
  "PercentPhaseFOV": 100,
  "AcquisitionMatrixPE": 256,
  "ReconMatrixPE": 256,
  "PixelBandwidth": 244.141,
  "ImageOrientationPatientDICOM": [
    0.04339,
    0.99906,
    0,
    0,
    0,
    -1
  ],
  "InPlanePhaseEncodingDirectionDICOM": "ROW",
  "ConversionSoftware": "dcm2niix",
  "ConversionSoftwareVersion": "v1.0.20180622 GCC4.8.5",
  "AcquisitionDateTime": "1912-04-29T16:40:40",
  "ReceiveCoilName": "32Ch Head",
  "real_protocol_name": "FMRIF - Clinical 32Ch Br",
  "pdb_POSITION": "Supine",
  "pdb_ENTRY": "Head First",
  "pdb_CLINICALCOIL": "C-GE_32Ch Head",
  "pdb_COIL": "32Ch Head",
  "pdb_COILCOMPONENT": "32 Ch Head Coil",
  "pdb_PLANE": "OBLIQUE",
  "pdb_SEDESC": "Anat T1w MP-RAGE 1mm (ABCD)",
  "pdb_HOS": 0.0,
  "pdb_IMODE": "3D",
  "pdb_PSEQ": "SPGR",
  "pdb_IOPT": "EDR, Fast, ARC, PROMO, IrP",
  "pdb_PLUG": 6.0,
  "pdb_FILTCHOICE": "None",
  "pdb_BWRT": -1.0,
  "pdb_TRICKSIMG": 1.0,
  "pdb_TAG_SPACE": 7.0,
  "pdb_TAG_TYPE": "None",
  "pdb_USERCV9": 32.0,
  "pdb_USERCV15": 0.0,
  "pdb_USERCV21": 0.0,
  "pdb_USERCV22": 0.0,
  "pdb_USERCV_MASK": 31491920.0,
  "pdb_USERCV_MASK2": 0.0,
  "pdb_NUMBVALUE": 1.0,
  "pdb_NUMSYNBVALUE": 1.0,
  "pdb_MULTISYNBVALUE": "1000.0;",
  "pdb_REOPT": 1.0,
  "pdb_FLIPANG": 8.0,
  "pdb_TE": "Min Full",
  "pdb_NECHO": 1.0,
  "pdb_TI": 1060.0,
  "pdb_AUTOTRGTYPE": 0.0,
  "pdb_PSDTRIG": 0.0,
  "pdb_VIEWORDER": 1.0,
  "pdb_TRREST": 0.0,
  "pdb_TRACTIVE": 0.0,
  "pdb_SEPSERIES": 0.0,
  "pdb_AUTOTRIGWIN": 0.0,
  "pdb_FOV": 25.6,
  "pdb_SLTHICK": 1.0,
  "pdb_GRXOPT": 0.0,
  "pdb_SLOC1": "R101.0",
  "pdb_SLOC2": "A30.3",
  "pdb_SLOC3": "I12.0",
  "pdb_ELOC1": "L101.8",
  "pdb_ELOC2": "A39.1",
  "pdb_ELOC3": "I12.0",
  "pdb_NOSLC": 1.0,
  "pdb_SL3PLANE": 0.0,
  "pdb_SL3PLANE1": 0.0,
  "pdb_SL3PLANE2": 0.0,
  "pdb_SL3PLANE3": 0.0,
  "pdb_SPCPERPLANE1": 0.0,
  "pdb_SPCPERPLANE2": 0.0,
  "pdb_SPCPERPLANE3": 0.0,
  "pdb_MATRIXX": 256.0,
  "pdb_MATRIXY": 256.0,
  "pdb_SWAPPF": "S/I",
  "pdb_NEX": 1.0,
  "pdb_CONTRAST": "No",
  "pdb_TBLDELTA": 0.0,
  "pdb_RBW": 31.25,
  "pdb_AUTOSHIM": "Auto",
  "pdb_PHASECORR": "No",
  "pdb_PAUSEDELMASKACQ": 1.0,
  "pdb_GRIP_SLGROUP1": "-0.359300 34.720199 -12.031799 -0.999058 0.043388 0.000000 0.043388 0.999058 0.000000 0.000000 0.000000 1.000000 1 0.000000 1 0.000000 0",
  "pdb_GRIP_NUMSLGROUPS": 1.0,
  "pdb_GRIP_TRACKER": 0.0,
  "pdb_GRIP_SPECTRO": 0.0,
  "pdb_GRIP_NUMPSCVOL": 0.0,
  "pdb_GRIP_PSCVOL1": 0.0,
  "pdb_GRIP_PSCVOL2": 0.0,
  "pdb_GRIP_PSCVOLFOV": 0.0,
  "pdb_GRIP_PSCVOLTHICK": 0.0,
  "pdb_GRIP_PSCVOLSLAB": 0.0,
  "pdb_GRIP_IRBAND_A": 0.0,
  "pdb_GRIP_IRBAND_B": 0.0,
  "pdb_AUTOSUBOPTIONS": 0.0,
  "pdb_AUTOSCIC": 2.0,
  "pdb_AUTOVOICE": 0.0,
  "pdb_PRESETDELAY": 0.0,
  "pdb_MASKPHASE": 0.0,
  "pdb_MASKPAUSE": 0.0,
  "pdb_GRXLOCSAVE": 0.0,
  "pdb_AUTOCOIL": 0.0,
  "pdb_ONETOUCHREG": 0.0,
  "pdb_MPHPRESERVEMODE": 0.0,
  "pdb_TEMPORALPHASES": 4.0,
  "pdb_MEGFREQ": 60.0,
  "pdb_DRIVERAMP": 50.0,
  "pdb_MEGDIR": 4.0,
  "pdb_DRIVERFREQ": 60.0,
  "pdb_RFDRIVEMODE": "Quadrature",
  "pdb_EXCITATIONMODE": "Selective",
  "pdb_ANATOMY": "SRT%5CNone%5CT-A0100",
  "pdb_PSCSHIMTG": 0.0,
  "pdb_SAVEORIGINAL": 1.0,
  "pdb_PSDNAME": "mprage",
  "pdb_USERCV10": 24.0,
  "pdb_USERCV23": 100.0,
  "pdb_MULTIBVALUE": "1000.0;",
  "pdb_MULTINEXVALUE": "1;",
  "pdb_PHASEFOV": 1.0,
  "pdb_PHASEACCEL": 2.0,
  "pdb_USERCV4": 0.0,
  "pdb_USERCV6": 1.0,
  "pdb_USERCV24": 2500.0,
  "pdb_SLABLOC": 208.0,
  "pdb_OVLPLOC": 0.0,
  "pdb_INITTRIGDELNOAV": 0.0,
  "pdb_SLICEACCEL": 2.0,
  "pdb_USERCV8": 1.0,
  "pdb_MAXRESCANTIME": 300.0
}