{
  "Modality": "MR",
  "MagneticFieldStrength": 3,
  "Manufacturer": "GE",
  "ManufacturersModelName": "DISCOVERY_MR750",
  "InstitutionName": "NIH_FMRIF",
  "DeviceSerialNumber": "00000000000o2o2o",
  "StationName": "fmrif3tc",
  "BodyPartExamined": "HEAD",
  "PatientPosition": "HFS",
  "ProcedureStepDescription": "MRI_Brain",
  "SoftwareVersions": "27_LX_MR_Software_release:DV26.0_R01_1725.a",
  "MRAcquisitionType": "2D",
  "SeriesDescription": "MID_T2_Axial_2.0_mm",
  "ProtocolName": "MID_T2_Axial_2.0_mm",
  "ScanningSequence": "SE",
  "SequenceVariant": "SK",
  "ScanOptions": "FAST_GEMS_FILTERED_GEMS_FSA_GEMS",
  "ImageType": [
    "ORIGINAL",
    "PRIMARY",
    "OTHER"
  ],
  "SeriesNumber": 7,
  "AcquisitionNumber": 1,
  "SliceThickness": 2,
  "SpacingBetweenSlices": 2,
  "SAR": 1.1203,
  "EchoTime": 0.10098,
  "RepetitionTime": 5,
  "FlipAngle": 125,
  "PercentPhaseFOV": 80,
  "EchoTrainLength": 16,
  "AcquisitionMatrixPE": 256,
  "ReconMatrixPE": 256,
  "PixelBandwidth": 488.281,
  "PhaseEncodingAxis": "i",
  "ImageOrientationPatientDICOM": [
    0.99849,
    0,
    0.05485,
    -0.00927,
    0.98563,
    0.16867
  ],
  "InPlanePhaseEncodingDirectionDICOM": "ROW",
  "ConversionSoftware": "dcm2niix",
  "ConversionSoftwareVersion": "v1.0.20180622 GCC4.8.5",
  "AcquisitionDateTime": "1901-01-29T16:31:51",
  "ReceiveCoilName": "32Ch Head",
  "OperatorName": "ZOLFAGHARI JAYNE",
  "real_protocol_name": "Clinical 32Ch Brain",
  "pdb_POSITION": "Supine",
  "pdb_ENTRY": "Head First",
  "pdb_CLINICALCOIL": "C-GE_32Ch Head",
  "pdb_COIL": "32Ch Head",
  "pdb_COILCOMPONENT": "32 Ch Head Coil",
  "pdb_PLANE": "OBLIQUE",
  "pdb_SEDESC": "MID_T2 Axial_2.0 mm",
  "pdb_HOS": 0.0,
  "pdb_IMODE": "2D",
  "pdb_PSEQ": "FSE-XL",
  "pdb_IOPT": "Fast",
  "pdb_PLUG": 22.0,
  "pdb_FILTCHOICE": "None",
  "pdb_BWRT": -1.0,
  "pdb_TRICKSIMG": 1.0,
  "pdb_TAG_SPACE": 7.0,
  "pdb_TAG_TYPE": "None",
  "pdb_USERCV9": 0.0,
  "pdb_USERCV15": 0.0,
  "pdb_USERCV18": 0.0,
  "pdb_USERCV21": 0.0,
  "pdb_USERCV22": 1.0,
  "pdb_USERCV30": 1.0,
  "pdb_USERCV38": 0.0,
  "pdb_USERCV_MASK": 1617265600.0,
  "pdb_USERCV_MASK2": 512.0,
  "pdb_NUMBVALUE": 1.0,
  "pdb_NUMSYNBVALUE": 1.0,
  "pdb_MULTISYNBVALUE": "1000.0;",
  "pdb_REOPT": 1.0,
  "pdb_FLIPANG": 125.0,
  "pdb_AUTOFLIPANG": 1.0,
  "pdb_TE": "100.0",
  "pdb_NECHO": 1.0,
  "pdb_TR": 5000.0,
  "pdb_BPMMODE": 0.0,
  "pdb_AUTOTRGTYPE": 0.0,
  "pdb_PSDTRIG": 0.0,
  "pdb_VIEWORDER": 1.0,
  "pdb_TRREST": 0.0,
  "pdb_TRACTIVE": 0.0,
  "pdb_SEPSERIES": 0.0,
  "pdb_AUTOTRIGWIN": 0.0,
  "pdb_FOV": 25.6,
  "pdb_SLTHICK": 2.0,
  "pdb_SPC": 0.0,
  "pdb_GRXOPT": 0.0,
  "pdb_SLOC1": "L7.8",
  "pdb_SLOC2": "A8.7",
  "pdb_SLOC3": "I31.6",
  "pdb_ELOC1": "L0.1",
  "pdb_ELOC2": "A32.7",
  "pdb_ELOC3": "S108.2",
  "pdb_NOSLC": 72.0,
  "pdb_SL3PLANE": 0.0,
  "pdb_SL3PLANE1": 0.0,
  "pdb_SL3PLANE2": 0.0,
  "pdb_SL3PLANE3": 0.0,
  "pdb_SPCPERPLANE1": 0.0,
  "pdb_SPCPERPLANE2": 0.0,
  "pdb_SPCPERPLANE3": 0.0,
  "pdb_MATRIXX": 256.0,
  "pdb_MATRIXY": 256.0,
  "pdb_SWAPPF": "A/P",
  "pdb_NEX": 1.0,
  "pdb_CONTRAST": "No",
  "pdb_TBLDELTA": 0.0,
  "pdb_RBW": 62.5,
  "pdb_AUTOSHIM": "Auto",
  "pdb_PHASECORR": "Yes",
  "pdb_PAUSEDELMASKACQ": 1.0,
  "pdb_GRIP_SLGROUP1": "-3.968768 20.677674 38.276190 0.054061 0.168926 0.984145 0.998495 0.000000 -0.054849 0.009265 -0.985629 0.168671 72 0.000000 1 0.000000 0",
  "pdb_GRIP_NUMSLGROUPS": 1.0,
  "pdb_GRIP_TRACKER": 0.0,
  "pdb_GRIP_SPECTRO": 0.0,
  "pdb_GRIP_NUMPSCVOL": 0.0,
  "pdb_GRIP_PSCVOL1": 0.0,
  "pdb_GRIP_PSCVOL2": 0.0,
  "pdb_GRIP_PSCVOLFOV": 0.0,
  "pdb_GRIP_PSCVOLTHICK": 0.0,
  "pdb_GRIP_PSCVOLSLAB": 0.0,
  "pdb_GRIP_IRBAND_A": 0.0,
  "pdb_GRIP_IRBAND_B": 0.0,
  "pdb_AUTOSUBOPTIONS": 0.0,
  "pdb_AUTOSCIC": 2.0,
  "pdb_AUTOVOICE": 0.0,
  "pdb_PRESETDELAY": 0.0,
  "pdb_MASKPHASE": 0.0,
  "pdb_MASKPAUSE": 0.0,
  "pdb_GRXLOCSAVE": 0.0,
  "pdb_AUTOCOIL": 0.0,
  "pdb_ONETOUCHREG": 0.0,
  "pdb_MPHPRESERVEMODE": 0.0,
  "pdb_TEMPORALPHASES": 4.0,
  "pdb_MEGFREQ": 60.0,
  "pdb_DRIVERAMP": 50.0,
  "pdb_MEGDIR": 4.0,
  "pdb_DRIVERFREQ": 60.0,
  "pdb_RFDRIVEMODE": "Single",
  "pdb_EXCITATIONMODE": "Selective",
  "pdb_INVERTF": "Normal (A)",
  "pdb_ANATOMY": "SRT%5CNone%5CT-D1100",
  "pdb_PSCSHIMTG": 0.0,
  "pdb_SAVEORIGINAL": 1.0,
  "pdb_MULTIBVALUE": "1000.0;",
  "pdb_MULTINEXVALUE": "1;",
  "pdb_PHASEFOV": 0.8,
  "pdb_USERCV6": 0.0,
  "pdb_USERCV7": 0.0,
  "pdb_USERCV8": 0.0,
  "pdb_USERCV16": 0.0,
  "pdb_USERCV29": 1.0,
  "pdb_ETL": 16.0,
  "pdb_B4PAUSE": 0.0,
  "pdb_USERCV40": 0.0,
  "CleanOperatorName": "JAYNE ZOLFAGHARI"
}